GEM
  remote: https://rubygems.org/
  specs:
    benchmark-ips (2.7.2)
    coderay (1.1.2)
    highline (2.0.1)
    kalibera (0.1)
      memoist (~> 0.11.0)
      rbzip2 (~> 0.2.0)
    memoist (0.11.0)
    memory_profiler (0.9.12)
    method_source (0.9.2)
    minitest (5.11.3)
    oj (3.7.9)
    options (2.3.2)
    progress_bar (1.3.0)
      highline (>= 1.6, < 3)
      options (~> 2.3.0)
    pry (0.12.2)
      coderay (~> 1.1.0)
      method_source (~> 0.9.0)
    rbzip2 (0.2.0)
    ruby-prof (0.17.0)
    stackprof (0.2.12)

PLATFORMS
  ruby

DEPENDENCIES
  benchmark-ips
  kalibera
  memory_profiler
  minitest (~> 5.11)
  oj (~> 3.7)
  progress_bar (~> 1.3)
  pry (~> 0.12)
  ruby-prof
  stackprof

BUNDLED WITH
   1.17.3
